GEM
  remote: http://rubygems.org/
  specs:
    coffee-script (2.2.0)
      coffee-script-source
      execjs
    coffee-script-source (1.3.3)
    execjs (1.4.0)
      multi_json (~> 1.0)
    ffi (1.11.1)
    growl (1.0.3)
    guard (1.3.0)
      listen (>= 0.4.2)
      thor (>= 0.14.6)
    guard-coffeescript (1.2.0)
      coffee-script (>= 2.2.0)
      guard (>= 1.1.0)
    libv8 (3.3.10.4)
    listen (0.4.7)
      rb-fchange (~> 0.0.5)
      rb-fsevent (~> 0.9.1)
      rb-inotify (~> 0.8.8)
    multi_json (1.3.6)
    rb-fchange (0.0.5)
      ffi
    rb-fsevent (0.9.1)
    rb-inotify (0.8.8)
      ffi (>= 0.5.0)
    therubyracer (0.10.1)
      libv8 (~> 3.3.10)
    thor (0.15.4)

PLATFORMS
  ruby

DEPENDENCIES
  growl
  guard-coffeescript
  therubyracer
